GEM
  remote: https://rubygems.org/
  specs:
    daemons (1.2.4)
    eventmachine (1.2.1)
    ffi (1.0.9)
    mail (2.6.4)
      mime-types (>= 1.16, < 4)
    mime-types (3.1)
      mime-types-data (~> 3.2015)
    mime-types-data (3.2016.0521)
    mocha (0.9.12)
    net-http-digest_auth (1.4)
    pg (0.19.0)
    pony (1.3)
      mail (> 2.0)
    rack (1.6.5)
    rack-test (0.5.7)
      rack (>= 1.0)
    rake (12.0.0)
    riot (0.12.1)
      rr
      term-ansicolor
    rr (1.2.0)
    ruby-tokyotyrant (0.5.1)
    rufus-tokyo (1.0.7)
    sequel (4.42.1)
    shotgun (0.9.2)
      rack (>= 1.0)
    sinatra (1.2.6)
      rack (~> 1.1)
      tilt (>= 1.2.2, < 2.0)
    term-ansicolor (1.4.0)
      tins (~> 1.0)
    thin (1.7.0)
      daemons (~> 1.0, >= 1.0.9)
      eventmachine (~> 1.0, >= 1.0.4)
      rack (>= 1, < 3)
    tilt (1.4.1)
    tins (1.13.0)
    warden (1.0.6)
      rack (>= 1.0)
    yui-compressor (0.9.3)

PLATFORMS
  ruby

DEPENDENCIES
  ffi (= 1.0.9)
  mocha (= 0.9.12)
  net-http-digest_auth (= 1.4)
  pg (>= 0.18)
  pony (= 1.3)
  rack-test (= 0.5.7)
  rake
  riot (= 0.12.1)
  ruby-tokyotyrant (= 0.5.1)
  rufus-tokyo (= 1.0.7)
  sequel (>= 4.42)
  shotgun
  sinatra (= 1.2.6)
  thin
  warden (= 1.0.6)
  yui-compressor (= 0.9.3)

BUNDLED WITH
   1.13.6
